PATH
  remote: .
  specs:
    right_support (0.9.2)

GEM
  remote: http://rubygems.org/
  specs:
    builder (3.0.0)
    columnize (0.3.2)
    cucumber (0.10.2)
      builder (>= 2.1.2)
      diff-lcs (>= 1.1.2)
      gherkin (>= 2.3.5)
      json (>= 1.4.6)
      term-ansicolor (>= 1.0.5)
    diff-lcs (1.1.2)
    flexmock (0.8.11)
    gherkin (2.3.5)
      json (>= 1.4.6)
    gherkin (2.3.5-x86-mswin32)
      json (>= 1.4.6)
    json (1.5.1)
    linecache (0.43)
    linecache (0.43-x86-mswin32)
    mime-types (1.16)
    net-ssh (2.1.3)
    rake (0.8.7)
    rest-client (1.6.1)
      mime-types (>= 1.16)
    rspec (1.3.1)
    ruby-debug (0.10.4)
      columnize (>= 0.1)
      ruby-debug-base (~> 0.10.4.0)
    ruby-debug-base (0.10.4)
      linecache (>= 0.3)
    ruby-debug-base (0.10.4-x86-mswin32)
      linecache (>= 0.3)
    term-ansicolor (1.0.5)

PLATFORMS
  ruby
  x86-mswin32

DEPENDENCIES
  cucumber (~> 0.8)
  flexmock (~> 0.8)
  net-ssh (~> 2.0)
  rake (>= 0.8.7)
  rest-client (~> 1.6)
  right_support!
  rspec (~> 1.3)
  ruby-debug (>= 0.10)
