PATH
  remote: .
  specs:
    right_support (0.5.0)
      net-ssh (~> 2.0)
      rack (>= 1.0)

GEM
  remote: http://rubygems.org/
  specs:
    flexmock (0.8.11)
    net-ssh (2.0.15)
    rack (1.2.1)
    rspec (1.3.1)

PLATFORMS
  ruby

DEPENDENCIES
  flexmock (~> 0.8)
  right_support!
  rspec (~> 1.3)
