PATH
  remote: .
  specs:
    right_support (0.6.1)
      net-ssh (~> 2.0)

GEM
  remote: http://rubygems.org/
  specs:
    columnize (0.3.2)
    flexmock (0.8.11)
    linecache (0.43)
    net-ssh (2.1.3)
    rspec (1.3.1)
    ruby-debug (0.10.4)
      columnize (>= 0.1)
      ruby-debug-base (~> 0.10.4.0)
    ruby-debug-base (0.10.4)
      linecache (>= 0.3)

PLATFORMS
  ruby

DEPENDENCIES
  flexmock (~> 0.8)
  right_support!
  rspec (~> 1.3)
  ruby-debug (>= 0.10)
